PATH
  remote: .
  specs:
    oo_auth (0.0.1)

GEM
  remote: https://rubygems.org/
  specs:
    byebug (2.3.1)
      columnize (~> 0.3.6)
      debugger-linecache (~> 1.2.0)
    columnize (0.3.6)
    debugger-linecache (1.2.0)
    minitest (4.7.5)
    multi_json (1.8.2)
    rake (10.1.0)
    simplecov (0.7.1)
      multi_json (~> 1.0)
      simplecov-html (~> 0.7.1)
    simplecov-html (0.7.1)

PLATFORMS
  ruby

DEPENDENCIES
  byebug
  minitest (~> 4.7)
  oo_auth!
  rake (>= 0.8.7)
  simplecov
